GEM
  remote: http://rubygems.org/
  specs:
    cmdparse (2.0.2)
    compass (0.10.6)
      haml (>= 3.0.4)
    haml (3.0.25)
    kramdown (0.10.0)
    rmagick (2.13.1)
    webgen (0.5.14)
      cmdparse (>= 2.0.2)
      kramdown (= 0.10.0)

PLATFORMS
  ruby

DEPENDENCIES
  compass
  haml
  rmagick
  webgen (~> 0.5.14)
